PATH
  remote: .
  specs:
    ragel-array (0.1.0)

GEM
  remote: https://rubygems.org/
  specs:
    minitest (5.14.2)
    rake (13.0.1)
    rake-compiler (1.1.1)
      rake

PLATFORMS
  ruby

DEPENDENCIES
  bundler (~> 2)
  minitest (~> 5)
  ragel-array!
  rake (~> 13)
  rake-compiler (~> 1)

BUNDLED WITH
   2.1.4
